GEM
  remote: https://rubygems.org/
  specs:
    eventmachine (1.0.9)
    ffi (1.9.14)
    ipaddress (0.8.3)
    mini_portile2 (2.1.0)
    nokogiri (1.6.8.1)
      mini_portile2 (~> 2.1.0)
    pi_piper (2.0.0)
      eventmachine (= 1.0.9)
      ffi
    rprogram (0.3.2)
    ruby-nmap (0.8.0)
      nokogiri (~> 1.3)
      rprogram (~> 0.3)

PLATFORMS
  ruby

DEPENDENCIES
  ipaddress (~> 0.8.3)
  pi_piper (~> 2.0)
  ruby-nmap (~> 0.8.0)

BUNDLED WITH
   1.13.3
