GEM
  remote: https://rubygems.org/
  specs:
    ipaddress (0.8.3)
    mini_portile2 (2.1.0)
    nokogiri (1.6.8.1)
      mini_portile2 (~> 2.1.0)
    rprogram (0.3.2)
    ruby-nmap (0.8.0)
      nokogiri (~> 1.3)
      rprogram (~> 0.3)

PLATFORMS
  ruby

DEPENDENCIES
  ipaddress (~> 0.8.3)
  ruby-nmap (~> 0.8.0)

BUNDLED WITH
   1.13.3
